GEM
  remote: http://rubygems.org/
  specs:
    bson (1.10.0)
    bson_ext (1.10.0)
      bson (~> 1.10.0)
    celluloid (0.15.2)
      timers (~> 1.1.0)
    diff-lcs (1.1.3)
    docile (1.1.3)
    dotenv (0.4.0)
    faraday (0.9.0)
      multipart-post (>= 1.2, < 3)
    fist_of_fury (0.2.1)
      celluloid (>= 0.15.2)
      ice_cube (~> 0.12.0)
      sucker_punch (>= 1.0.2)
    foreman (0.51.0)
      thor (>= 0.13.6)
    ice_cube (0.12.0)
    mini_portile (0.6.0)
    mongo (1.10.0)
      bson (~> 1.10.0)
    multi_json (1.10.0)
    multipart-post (2.0.0)
    nokogiri (1.6.2.1)
      mini_portile (= 0.6.0)
    rack (1.5.2)
    rack-protection (1.5.3)
      rack
    rspec (2.12.0)
      rspec-core (~> 2.12.0)
      rspec-expectations (~> 2.12.0)
      rspec-mocks (~> 2.12.0)
    rspec-core (2.12.2)
    rspec-expectations (2.12.1)
      diff-lcs (~> 1.1.3)
    rspec-mocks (2.12.2)
    simple_oauth (0.2.0)
    simplecov (0.8.2)
      docile (~> 1.1.0)
      multi_json
      simplecov-html (~> 0.8.0)
    simplecov-html (0.8.0)
    sinatra (1.3.6)
      rack (~> 1.4)
      rack-protection (~> 1.3)
      tilt (~> 1.3, >= 1.3.3)
    sucker_punch (1.0.5)
      celluloid (~> 0.15.2)
    thor (0.19.1)
    tilt (1.4.1)
    timers (1.1.0)
    twitter (4.4.4)
      faraday (~> 0.8, < 0.10)
      multi_json (~> 1.0)
      simple_oauth (~> 0.2)

PLATFORMS
  ruby

DEPENDENCIES
  bson_ext (~> 1.10.0)
  dotenv (~> 0.4.0)
  fist_of_fury (~> 0.2.1)
  foreman (~> 0.51.0)
  mongo (~> 1.10.0)
  nokogiri (~> 1.6.1)
  rspec (~> 2.12.0)
  simplecov
  sinatra (~> 1.3.3)
  twitter (~> 4.4.2)
